GEM
  remote: https://rubygems.org/
  specs:
    CFPropertyList (2.3.6)
    addressable (2.8.7)
      public_suffix (>= 2.0.2, < 7.0)
    bigdecimal (3.1.9)
    concurrent-ruby (1.3.5)
    deep_merge (1.2.2)
    diff-lcs (1.6.1)
    facter (4.10.0)
      hocon (~> 1.3)
      thor (>= 1.0.1, < 1.3)
    faraday (2.13.0)
      faraday-net_http (>= 2.0, < 3.5)
      json
      logger
    faraday-follow_redirects (0.3.0)
      faraday (>= 1, < 3)
    faraday-net_http (3.4.0)
      net-http (>= 0.5.0)
    fast_gettext (2.4.0)
      prime
    forwardable (1.3.3)
    hiera (3.12.0)
    hocon (1.4.0)
    json (2.10.2)
    json-schema (5.1.1)
      addressable (~> 2.8)
      bigdecimal (~> 3.1)
    librarian-puppet (6.0.0)
      librarianp (~> 1.1)
      puppet_forge (>= 2, < 7)
      rsync (~> 1.0)
    librarianp (1.1.2)
      thor (~> 1.0)
    locale (2.1.4)
    logger (1.7.0)
    metadata-json-lint (4.2.1)
      json-schema (>= 2.8, < 6.0)
      semantic_puppet (~> 1.0)
      spdx-licenses (~> 1.0)
    minitar (0.12.1)
    mocha (2.7.1)
      ruby2_keywords (>= 0.0.5)
    multi_json (1.15.0)
    net-http (0.6.0)
      uri
    pathspec (1.1.3)
    prime (0.1.3)
      forwardable
      singleton
    public_suffix (6.0.1)
    puppet (7.34.0-universal-darwin)
      CFPropertyList (~> 2.2)
      concurrent-ruby (~> 1.0)
      deep_merge (~> 1.0)
      facter (> 2.0.1, < 5)
      fast_gettext (>= 1.1, < 3)
      hiera (>= 3.2.1, < 4)
      locale (~> 2.1)
      multi_json (~> 1.10)
      puppet-resource_api (~> 1.5)
      scanf (~> 1.0)
      semantic_puppet (~> 1.0)
    puppet-lint (4.3.0)
    puppet-resource_api (1.9.0)
      hocon (>= 1.0)
    puppet-syntax (4.1.1)
      puppet (>= 7, < 9)
      rake (~> 13.1)
    puppet_forge (5.0.4)
      faraday (~> 2.0)
      faraday-follow_redirects (~> 0.3.0)
      minitar (< 1.0.0)
      semantic_puppet (~> 1.0)
    puppetlabs_spec_helper (8.0.0)
      mocha (>= 1.0, < 3)
      pathspec (>= 0.2, < 3)
      puppet-lint (~> 4.0)
      puppet-syntax (~> 4.1, >= 4.1.1)
      rspec-github (~> 2.0)
      rspec-puppet (~> 5.0)
    rake (13.2.1)
    rspec (3.13.0)
      rspec-core (~> 3.13.0)
      rspec-expectations (~> 3.13.0)
      rspec-mocks (~> 3.13.0)
    rspec-core (3.13.3)
      rspec-support (~> 3.13.0)
    rspec-expectations (3.13.3)
      diff-lcs (>= 1.2.0, < 2.0)
      rspec-support (~> 3.13.0)
    rspec-github (2.4.0)
      rspec-core (~> 3.0)
    rspec-mocks (3.13.2)
      diff-lcs (>= 1.2.0, < 2.0)
      rspec-support (~> 3.13.0)
    rspec-puppet (5.0.0)
      rspec (~> 3.0)
    rspec-support (3.13.2)
    rsync (1.0.9)
    ruby2_keywords (0.0.5)
    scanf (1.0.0)
    semantic_puppet (1.1.1)
    singleton (0.3.0)
    spdx-licenses (1.3.0)
    thor (1.2.2)
    uri (1.0.3)

PLATFORMS
  arm64-darwin-24

DEPENDENCIES
  librarian-puppet
  metadata-json-lint
  puppet (< 8)
  puppet-lint
  puppet-syntax
  puppetlabs_spec_helper
  rspec
  rspec-puppet

BUNDLED WITH
   2.2.33
